GEM
  remote: https://rubygems.org/
  specs:
    base64 (0.2.0)
    bcrypt (3.1.20)
    jwt (2.10.1)
      base64
    rack (2.2.14)
    webrick (1.9.1)

PLATFORMS
  ruby
  x86_64-linux-gnu

DEPENDENCIES
  bcrypt
  jwt
  rack (~> 2.2)
  webrick

BUNDLED WITH
   2.6.9
